GEM
  remote: https://rubygems.org/
  specs:
    activesupport (3.2.21)
      i18n (~> 0.6, >= 0.6.4)
      multi_json (~> 1.0)
    haml (4.0.6)
      tilt
    i18n (0.7.0)
    multi_json (1.11.0)
    rack (1.5.3)
    rack-test (0.6.3)
      rack (>= 1.0)
    sass (3.4.13)
    serve (1.5.2)
      activesupport (~> 3.2.12)
      i18n
      rack (~> 1.5.2)
      rack-test (~> 0.6.2)
      tilt (~> 1.3.3)
      tzinfo
    thread_safe (0.3.5)
    tilt (1.3.7)
    tzinfo (1.2.2)
      thread_safe (~> 0.1)

PLATFORMS
  ruby

DEPENDENCIES
  haml
  sass
  serve
